GIT
  remote: git://github.com/guard/guard.git
  revision: a21bb8e306e44fd153c8b88a7c59c00e451b1d52
  specs:
    guard (0.2.2)
      open_gem (~> 1.4.2)
      thor (~> 0.14.6)

PATH
  remote: .
  specs:
    video_info (0.2.3)
      hpricot (~> 0.8.3)

GEM
  remote: http://rubygems.org/
  specs:
    configuration (1.2.0)
    diff-lcs (1.1.2)
    growl (1.0.3)
    guard-rspec (0.1.9)
      guard (>= 0.2.2)
    hpricot (0.8.3)
    launchy (0.3.7)
      configuration (>= 0.0.5)
      rake (>= 0.8.1)
    open_gem (1.4.2)
      launchy (~> 0.3.5)
    rake (0.8.7)
    rb-fsevent (0.3.9)
    rspec (2.3.0)
      rspec-core (~> 2.3.0)
      rspec-expectations (~> 2.3.0)
      rspec-mocks (~> 2.3.0)
    rspec-core (2.3.1)
    rspec-expectations (2.3.0)
      diff-lcs (~> 1.1.2)
    rspec-mocks (2.3.0)
    thor (0.14.6)

PLATFORMS
  ruby

DEPENDENCIES
  bundler (~> 1.0.7)
  growl (~> 1.0.3)
  guard!
  guard-rspec (~> 0.1.9)
  hpricot (~> 0.8.3)
  rb-fsevent (>= 0.3.5)
  rspec (~> 2.3.0)
  video_info!
